GEM
  specs:
    ZenTest (4.12.1)
    autotest (5.0.0)
      minitest-autotest (~> 1.0)
    autotest-rails (4.2.1)
      ZenTest (~> 4.5)
    diff-lcs (1.5.0)
    minitest (5.20.0)
    minitest-autotest (1.1.1)
      minitest-server (~> 1.0)
      path_expander (~> 1.0)
    minitest-server (1.0.7)
      minitest (~> 5.16)
    path_expander (1.1.1)
    rspec (3.12.0)
      rspec-core (~> 3.12.0)
      rspec-expectations (~> 3.12.0)
      rspec-mocks (~> 3.12.0)
    rspec-core (3.12.2)
      rspec-support (~> 3.12.0)
    rspec-expectations (3.12.3)
      diff-lcs (>= 1.2.0, < 2.0)
      rspec-support (~> 3.12.0)
    rspec-mocks (3.12.6)
      diff-lcs (>= 1.2.0, < 2.0)
      rspec-support (~> 3.12.0)
    rspec-support (3.12.1)

PLATFORMS
  x64-mingw-ucrt

DEPENDENCIES
  autotest
  autotest-rails
  rspec

BUNDLED WITH
   2.4.20
